PATH
  remote: .
  specs:
    global_docker_compose (0.0.1)
      thor (>= 0.20)

GEM
  remote: https://flipplib.jfrog.io/flipplib/api/gems/flipp-gems/
  specs:
    thor (1.1.0)

PLATFORMS
  ruby

DEPENDENCIES
  global_docker_compose!

BUNDLED WITH
   2.2.16
